GEM
  remote: https://rubygems.org/
  specs:
    activemodel (5.1.6)
      activesupport (= 5.1.6)
    activerecord (5.1.6)
      activemodel (= 5.1.6)
      activesupport (= 5.1.6)
      arel (~> 8.0)
    activesupport (5.1.6)
      concurrent-ruby (~> 1.0, >= 1.0.2)
      i18n (>= 0.7, < 2)
      minitest (~> 5.1)
      tzinfo (~> 1.1)
    arel (8.0.0)
    bigdecimal (1.3.5)
    bundler-unload (1.0.2)
    childprocess (0.8.0)
      ffi (~> 1.0, >= 1.0.11)
    concurrent-ruby (1.0.5)
    did_you_mean (1.1.2)
    domain_name (0.5.20180417)
      unf (>= 0.0.5, < 1.0.0)
    ethon (0.11.0)
      ffi (>= 1.3.0)
    executable-hooks (1.3.2)
    ffi (1.9.25)
    gem-wrappers (1.2.7)
    http-cookie (1.0.3)
      domain_name (~> 0.5)
    i18n (0.9.5)
      concurrent-ruby (~> 1.0)
    io-console (0.4.6)
    json (2.0.4)
    mechanize (2.7.6)
      domain_name (~> 0.5, >= 0.5.1)
      http-cookie (~> 1.0)
      mime-types (>= 1.17.2)
      net-http-digest_auth (~> 1.1, >= 1.1.1)
      net-http-persistent (>= 2.5.2)
      nokogiri (~> 1.6)
      ntlm-http (~> 0.1, >= 0.1.1)
      webrobots (>= 0.0.9, < 0.2)
    mime-types (3.2.2)
      mime-types-data (~> 3.2015)
    mime-types-data (3.2016.0521)
    mini_portile2 (2.3.0)
    minitest (5.10.3)
    mysql2 (0.4.10)
    net-http-digest_auth (1.4.1)
    net-http-persistent (2.9.4)
    net-telnet (0.1.1)
    nokogiri (1.8.4)
      mini_portile2 (~> 2.3.0)
    ntlm-http (0.1.1)
    openssl (2.0.8)
    power_assert (0.4.1)
    psych (2.2.4)
    rake (12.0.0)
    rdoc (5.0.0)
    rubygems-bundler (1.4.4)
      bundler-unload (>= 1.0.2)
      executable-hooks (>= 1.3.2)
    rubyzip (1.2.1)
    rvm (1.11.3.9)
    selenium-webdriver (3.8.0)
      childprocess (~> 0.5)
      rubyzip (~> 1.0)
    socksify (1.7.1)
    test-unit (3.2.8)
      power_assert
    thread_safe (0.3.6)
    typhoeus (1.3.0)
      ethon (>= 0.9.0)
    tzinfo (1.2.5)
      thread_safe (~> 0.1)
    unf (0.1.4)
      unf_ext
    unf_ext (0.0.7.5)
    watir (6.10.3)
      selenium-webdriver (~> 3.4, >= 3.4.1)
    webrobots (0.1.2)
    xmlrpc (0.2.1)

PLATFORMS
  ruby

DEPENDENCIES
  activemodel (~> 5.1.5)
  activerecord (~> 5.1.5)
  activesupport (~> 5.1.5)
  arel (~> 8.0.0)
  bigdecimal (~> 1.3.0)
  bundler (~> 1.16.4)
  bundler-unload (~> 1.0.2)
  childprocess (~> 0.8.0)
  concurrent-ruby (~> 1.0.5)
  did_you_mean (~> 1.1.0)
  domain_name (~> 0.5.20170404)
  ethon (~> 0.11.0)
  executable-hooks (~> 1.3.2)
  ffi (~> 1.9.18)
  gem-wrappers (~> 1.2.7)
  http-cookie (~> 1.0.3)
  i18n (~> 0.9.5)
  io-console (~> 0.4.6)
  json (~> 2.0.2)
  mechanize (~> 2.7.5)
  mime-types (~> 3.1)
  mime-types-data (~> 3.2016.0521)
  mini_portile2 (~> 2.3.0)
  minitest (~> 5.10.1)
  mysql2 (~> 0.4.10)
  net-http-digest_auth (~> 1.4.1)
  net-http-persistent (~> 2.9.4)
  net-telnet (~> 0.1.1)
  nokogiri (~> 1.8.2)
  ntlm-http (~> 0.1.1)
  openssl (~> 2.0.2)
  power_assert (~> 0.4.1)
  psych (~> 2.2.2)
  rake (~> 12.0.0)
  rdoc (~> 5.0.0)
  rubygems-bundler (~> 1.4.4)
  rubyzip (~> 1.2.1)
  rvm (~> 1.11.3.9)
  selenium-webdriver (~> 3.8.0)
  socksify (~> 1.7.1)
  test-unit (~> 3.2.3)
  thread_safe (~> 0.3.6)
  typhoeus (~> 1.3.0)
  tzinfo (~> 1.2.5)
  unf (~> 0.1.4)
  unf_ext (~> 0.0.7.4)
  watir (~> 6.10.3)
  webrobots (~> 0.1.2)
  xmlrpc (~> 0.2.1)

RUBY VERSION
   ruby 2.4.0p0

BUNDLED WITH
   1.16.4
